PATH
  remote: .
  specs:
    habitat (0.2.0)
      bcrypt (~> 3.1.16)
      builder (~> 3.2.4)
      bundler
      capistrano (~> 3.16.0)
      capistrano-bundler (~> 2.0.1)
      capistrano-rvm (~> 0.1.2)
      dimensions (~> 1.3.0)
      dotenv (~> 2.7.6)
      flickraw (~> 0.9.10)
      haml (~> 5.2.2)
      hanami (~> 1.3.2)
      hanami-model (~> 1.3.2)
      jwt (~> 2.3.0)
      memcached (~> 1.8.0)
      multi_json (~> 1.15.0)
      nokogiri (~> 1.12.5)
      pony (~> 1.13.1)
      puma (>= 5.5.2, < 6.4.0)
      rack (~> 2.2.3)
      rack-cache (~> 1.13.0)
      rake (~> 13.0.6)
      rake-compiler (~> 1.1.1)
      redcarpet (~> 3.5.1)
      roar (~> 1.1.0)
      sassc (~> 2.4.0)
      sequel (~> 4.49.0)
      sqlite3 (~> 1.4.2)
      sshkit (~> 1.21.2)
      subcommand (~> 1.0.7)
      uglifier (~> 4.2.0)
      unicorn (~> 6.0.0)
      warden (~> 1.2.9)

GEM
  remote: https://rubygems.org/
  specs:
    airbrussh (1.4.0)
      sshkit (>= 1.6.1, != 1.7.0)
    bcrypt (3.1.17)
    bigdecimal (1.4.4)
    builder (3.2.4)
    capistrano (3.16.0)
      airbrussh (>= 1.0.0)
      i18n
      rake (>= 10.0.0)
      sshkit (>= 1.9.0)
    capistrano-bundler (2.0.1)
      capistrano (~> 3.1)
    capistrano-rvm (0.1.2)
      capistrano (~> 3.0)
      sshkit (~> 1.2)
    concurrent-ruby (1.1.10)
    declarative (0.0.20)
    dimensions (1.3.0)
    dotenv (2.7.6)
    dry-cli (0.7.0)
    dry-configurable (0.12.0)
      concurrent-ruby (~> 1.0)
      dry-core (~> 0.5, >= 0.5.0)
    dry-container (0.7.2)
      concurrent-ruby (~> 1.0)
      dry-configurable (~> 0.1, >= 0.1.3)
    dry-core (0.6.0)
      concurrent-ruby (~> 1.0)
    dry-equalizer (0.3.0)
    dry-initializer (1.4.1)
    dry-logic (0.4.2)
      dry-container (~> 0.2, >= 0.2.6)
      dry-core (~> 0.2)
      dry-equalizer (~> 0.2)
    dry-struct (0.3.1)
      dry-configurable (~> 0.1)
      dry-core (~> 0.3)
      dry-equalizer (~> 0.2)
      dry-types (~> 0.9, >= 0.9.0)
      ice_nine (~> 0.11)
    dry-types (0.11.1)
      concurrent-ruby (~> 1.0)
      dry-configurable (~> 0.1)
      dry-container (~> 0.3)
      dry-core (~> 0.2, >= 0.2.1)
      dry-equalizer (~> 0.2)
      dry-logic (~> 0.4, >= 0.4.0)
      inflecto (~> 0.0.0, >= 0.0.2)
    dry-validation (0.11.0)
      concurrent-ruby (~> 1.0)
      dry-configurable (~> 0.1, >= 0.1.3)
      dry-core (~> 0.2, >= 0.2.1)
      dry-equalizer (~> 0.2)
      dry-logic (~> 0.4, >= 0.4.0)
      dry-types (~> 0.11.0)
    execjs (2.8.1)
    fast_stack (0.2.0)
    ffi (1.15.5)
    flamegraph (0.9.5)
    flickraw (0.9.10)
    haml (5.2.2)
      temple (>= 0.8.0)
      tilt
    hanami (1.3.5)
      bundler (>= 1.6, < 3)
      concurrent-ruby (~> 1.0)
      dry-cli (~> 0.5)
      hanami-assets (~> 1.3)
      hanami-controller (~> 1.3, >= 1.3.3)
      hanami-helpers (~> 1.3)
      hanami-mailer (~> 1.3)
      hanami-router (~> 1.3)
      hanami-utils (~> 1.3)
      hanami-validations (>= 1.3, < 3)
      hanami-view (~> 1.3)
    hanami-assets (1.3.5)
      hanami-helpers (~> 1.3)
      hanami-utils (~> 1.3)
      tilt (~> 2.0, >= 2.0.2)
    hanami-controller (1.3.3)
      hanami-utils (~> 1.3)
      rack (~> 2.0)
    hanami-helpers (1.3.3)
      hanami-utils (~> 1.3)
    hanami-mailer (1.3.3)
      hanami-utils (~> 1.3)
      mail (~> 2.6)
      tilt (~> 2.0, >= 2.0.1)
    hanami-model (1.3.3)
      bigdecimal (~> 1.4)
      concurrent-ruby (~> 1.0)
      dry-logic (~> 0.4.2, < 0.5)
      dry-types (~> 0.11.0)
      hanami-utils (~> 1.3)
      rom (~> 3.3, >= 3.3.3)
      rom-repository (~> 1.4)
      rom-sql (~> 1.3, >= 1.3.5)
    hanami-router (1.3.2)
      hanami-utils (~> 1.3)
      http_router (= 0.11.2)
      rack (~> 2.0)
    hanami-utils (1.3.8)
      concurrent-ruby (~> 1.0)
      transproc (~> 1.0)
    hanami-validations (1.3.8)
      dry-configurable (<= 0.12)
      dry-logic (~> 0.4.2, < 0.5)
      dry-validation (~> 0.11, < 0.12)
      hanami-utils (~> 1.3)
    hanami-view (1.3.3)
      hanami-utils (~> 1.3)
      tilt (~> 2.0, >= 2.0.1)
    http_router (0.11.2)
      rack (>= 1.0.0)
      url_mount (~> 0.2.1)
    i18n (1.10.0)
      concurrent-ruby (~> 1.0)
    ice_nine (0.11.2)
    inflecto (0.0.2)
    jwt (2.3.0)
    kgio (2.11.4)
    mail (2.7.1)
      mini_mime (>= 0.1.1)
    memcached (1.8.0)
    mini_mime (1.1.2)
    minitest (5.14.4)
    multi_json (1.15.0)
    net-scp (3.0.0)
      net-ssh (>= 2.6.5, < 7.0.0)
    net-ssh (6.1.0)
    nio4r (2.5.9)
    nokogiri (1.12.5-x86_64-linux)
      racc (~> 1.4)
    pony (1.13.1)
      mail (>= 2.0)
    puma (6.3.1)
      nio4r (~> 2.0)
    racc (1.6.0)
    rack (2.2.3)
    rack-cache (1.13.0)
      rack (>= 0.4)
    rack-mini-profiler (2.3.4)
      rack (>= 1.2.0)
    raindrops (0.20.0)
    rake (13.0.6)
    rake-compiler (1.1.9)
      rake
    redcarpet (3.5.1)
    representable (3.1.1)
      declarative (< 0.1.0)
      trailblazer-option (>= 0.1.1, < 0.2.0)
      uber (< 0.2.0)
    roar (1.1.1)
      representable (~> 3.0)
    rom (3.3.3)
      concurrent-ruby (~> 1.0)
      dry-core (~> 0.3)
      dry-equalizer (~> 0.2)
      dry-initializer (~> 1.3)
      dry-types (~> 0.9, >= 0.9.4)
      rom-mapper (~> 0.5, >= 0.5.1)
    rom-mapper (0.5.1)
      dry-core (~> 0.2, >= 0.2.3)
      dry-equalizer (~> 0.2)
      transproc (~> 1.0)
    rom-repository (1.4.0)
      dry-core (~> 0.3, >= 0.3.1)
      dry-struct (~> 0.3)
      rom (~> 3.3)
      rom-mapper (~> 0.5)
    rom-sql (1.3.5)
      dry-core (~> 0.3)
      dry-equalizer (~> 0.2)
      dry-types (~> 0.11.0)
      rom (~> 3.2, >= 3.2.2)
      sequel (~> 4.43)
    sassc (2.4.0)
      ffi (~> 1.9)
    sequel (4.49.0)
    sqlite3 (1.4.2)
    sshkit (1.21.2)
      net-scp (>= 1.1.2)
      net-ssh (>= 2.8.0)
    subcommand (1.0.7)
    temple (0.8.2)
    tilt (2.0.10)
    trailblazer-option (0.1.2)
    transproc (1.1.1)
    uber (0.1.0)
    uglifier (4.2.0)
      execjs (>= 0.3.0, < 3)
    unicorn (6.0.0)
      kgio (~> 2.6)
      raindrops (~> 0.7)
    url_mount (0.2.1)
      rack
    warden (1.2.9)
      rack (>= 2.0.9)

PLATFORMS
  x86_64-linux

DEPENDENCIES
  fast_stack (~> 0.2.0)
  flamegraph (~> 0.9.5)
  habitat!
  minitest (~> 5.14.4)
  rack-mini-profiler (~> 2.3.3)

BUNDLED WITH
   2.3.8
