GIT
  remote: git://github.com/entropie/hanami-webpack.git
  revision: 20823a0803ca3499056d4f9dd37b1605a5c0a1c8
  specs:
    hanami-webpack (0.0.1)
      hanami

GIT
  remote: git://github.com/hanklords/flickraw.git
  revision: 6bf254681f8d57e65b352d93fb49237bd178e695
  specs:
    flickraw (1.0.0.pre.pre1)
      nokogiri

GEM
  remote: https://rubygems.org/
  specs:
    addressable (2.5.2)
      public_suffix (>= 2.0.2, < 4.0)
    airbrussh (1.3.0)
      sshkit (>= 1.6.1, != 1.7.0)
    autoprefixer-rails (9.1.0)
      execjs
    bcrypt (3.1.12)
    bootstrap (4.0.0)
      autoprefixer-rails (>= 6.0.3)
      popper_js (>= 1.12.9, < 2)
      sass (>= 3.5.2)
    builder (3.2.3)
    capistrano (3.11.0)
      airbrussh (>= 1.0.0)
      i18n
      rake (>= 10.0.0)
      sshkit (>= 1.9.0)
    capistrano-bundler (1.3.0)
      capistrano (~> 3.1)
      sshkit (~> 1.2)
    capistrano-rvm (0.1.2)
      capistrano (~> 3.0)
      sshkit (~> 1.2)
    capybara (3.5.1)
      addressable
      mini_mime (>= 0.1.3)
      nokogiri (~> 1.8)
      rack (>= 1.6.0)
      rack-test (>= 0.6.3)
      xpath (~> 3.1)
    concurrent-ruby (1.0.5)
    declarative (0.0.10)
    declarative-option (0.1.0)
    dimensions (1.3.0)
    dotenv (2.5.0)
    dry-configurable (0.7.0)
      concurrent-ruby (~> 1.0)
    dry-container (0.6.0)
      concurrent-ruby (~> 1.0)
      dry-configurable (~> 0.1, >= 0.1.3)
    dry-core (0.4.7)
      concurrent-ruby (~> 1.0)
    dry-equalizer (0.2.1)
    dry-initializer (1.4.1)
    dry-logic (0.4.2)
      dry-container (~> 0.2, >= 0.2.6)
      dry-core (~> 0.2)
      dry-equalizer (~> 0.2)
    dry-struct (0.3.1)
      dry-configurable (~> 0.1)
      dry-core (~> 0.3)
      dry-equalizer (~> 0.2)
      dry-types (~> 0.9, >= 0.9.0)
      ice_nine (~> 0.11)
    dry-types (0.11.1)
      concurrent-ruby (~> 1.0)
      dry-configurable (~> 0.1)
      dry-container (~> 0.3)
      dry-core (~> 0.2, >= 0.2.1)
      dry-equalizer (~> 0.2)
      dry-logic (~> 0.4, >= 0.4.0)
      inflecto (~> 0.0.0, >= 0.0.2)
    dry-validation (0.11.0)
      concurrent-ruby (~> 1.0)
      dry-configurable (~> 0.1, >= 0.1.3)
      dry-core (~> 0.2, >= 0.2.1)
      dry-equalizer (~> 0.2)
      dry-logic (~> 0.4, >= 0.4.0)
      dry-types (~> 0.11.0)
    execjs (2.7.0)
    ffi (1.9.25)
    haml (5.0.4)
      temple (>= 0.8.0)
      tilt
    hanami (1.2.0)
      bundler
      concurrent-ruby (~> 1.0)
      hanami-assets (~> 1.2)
      hanami-cli (~> 0.2)
      hanami-controller (~> 1.2)
      hanami-helpers (~> 1.2)
      hanami-mailer (~> 1.2)
      hanami-router (~> 1.2)
      hanami-utils (~> 1.2)
      hanami-validations (~> 1.2)
      hanami-view (~> 1.2)
    hanami-assets (1.2.0)
      hanami-helpers (~> 1.2)
      hanami-utils (~> 1.2)
      tilt (~> 2.0, >= 2.0.2)
    hanami-cli (0.2.0)
      concurrent-ruby (~> 1.0)
      hanami-utils (~> 1.2)
    hanami-controller (1.2.0)
      hanami-utils (~> 1.2)
      rack (~> 2.0)
    hanami-helpers (1.2.2)
      hanami-utils (~> 1.2)
    hanami-mailer (1.2.0)
      hanami-utils (~> 1.2)
      mail (~> 2.6)
      tilt (~> 2.0, >= 2.0.1)
    hanami-model (1.2.0)
      concurrent-ruby (~> 1.0)
      dry-types (~> 0.11.0)
      hanami-utils (~> 1.2)
      rom (~> 3.3, >= 3.3.3)
      rom-repository (~> 1.4)
      rom-sql (~> 1.3, >= 1.3.5)
    hanami-router (1.2.0)
      hanami-utils (~> 1.2)
      http_router (= 0.11.2)
      rack (~> 2.0)
    hanami-utils (1.2.0)
      concurrent-ruby (~> 1.0)
      transproc (~> 1.0)
    hanami-validations (1.2.2)
      dry-validation (~> 0.11, < 0.12)
      hanami-utils (~> 1.2)
    hanami-view (1.2.0)
      hanami-utils (~> 1.2)
      tilt (~> 2.0, >= 2.0.1)
    http_router (0.11.2)
      rack (>= 1.0.0)
      url_mount (~> 0.2.1)
    i18n (1.1.0)
      concurrent-ruby (~> 1.0)
    ice_nine (0.11.2)
    inflecto (0.0.2)
    jwt (2.1.0)
    kgio (2.11.2)
    mail (2.7.0)
      mini_mime (>= 0.1.1)
    mini_mime (1.0.0)
    mini_portile2 (2.3.0)
    minitest (5.11.3)
    multi_json (1.13.1)
    net-scp (1.2.1)
      net-ssh (>= 2.6.5)
    net-ssh (5.0.2)
    nokogiri (1.8.4)
      mini_portile2 (~> 2.3.0)
    popper_js (1.14.3)
    public_suffix (3.0.2)
    puma (3.12.0)
    rack (2.0.6)
    rack-test (1.1.0)
      rack (>= 1.0, < 3)
    raindrops (0.19.0)
    rake (12.3.1)
    rb-fsevent (0.10.3)
    rb-inotify (0.9.10)
      ffi (>= 0.5.0, < 2)
    redcarpet (3.4.0)
    representable (3.0.4)
      declarative (< 0.1.0)
      declarative-option (< 0.2.0)
      uber (< 0.2.0)
    roar (1.1.0)
      representable (~> 3.0.0)
    rom (3.3.3)
      concurrent-ruby (~> 1.0)
      dry-core (~> 0.3)
      dry-equalizer (~> 0.2)
      dry-initializer (~> 1.3)
      dry-types (~> 0.9, >= 0.9.4)
      rom-mapper (~> 0.5, >= 0.5.1)
    rom-mapper (0.5.1)
      dry-core (~> 0.2, >= 0.2.3)
      dry-equalizer (~> 0.2)
      transproc (~> 1.0)
    rom-repository (1.4.0)
      dry-core (~> 0.3, >= 0.3.1)
      dry-struct (~> 0.3)
      rom (~> 3.3)
      rom-mapper (~> 0.5)
    rom-sql (1.3.5)
      dry-core (~> 0.3)
      dry-equalizer (~> 0.2)
      dry-types (~> 0.11.0)
      rom (~> 3.2, >= 3.2.2)
      sequel (~> 4.43)
    sass (3.5.7)
      sass-listen (~> 4.0.0)
    sass-listen (4.0.0)
      rb-fsevent (~> 0.9, >= 0.9.4)
      rb-inotify (~> 0.9, >= 0.9.7)
    sequel (4.49.0)
    shotgun (0.9.2)
      rack (>= 1.0)
    sqlite3 (1.3.13)
    sshkit (1.17.0)
      net-scp (>= 1.1.2)
      net-ssh (>= 2.8.0)
    subcommand (1.0.6)
    temple (0.8.0)
    tilt (2.0.8)
    transproc (1.0.2)
    uber (0.1.0)
    uglifier (4.1.17)
      execjs (>= 0.3.0, < 3)
    unicorn (5.4.1)
      kgio (~> 2.6)
      raindrops (~> 0.7)
    url_mount (0.2.1)
      rack
    warden (1.2.7)
      rack (>= 1.0)
    xpath (3.1.0)
      nokogiri (~> 1.8)

PLATFORMS
  ruby

DEPENDENCIES
  bcrypt
  bootstrap (~> 4.0.0)
  builder
  capistrano (= 3.11.0)
  capistrano-bundler (~> 1.3)
  capistrano-rvm
  capybara
  dimensions
  dotenv (~> 2.0)
  flickraw!
  haml
  hanami (~> 1.1)
  hanami-model (~> 1.1)
  hanami-webpack!
  jwt
  minitest
  multi_json
  nokogiri
  puma
  rack (>= 2.0.6)
  rake
  redcarpet
  roar
  sass
  sequel
  shotgun
  sqlite3
  subcommand
  uglifier
  unicorn
  warden

BUNDLED WITH
   1.16.0
